GIT
  remote: git://github.com/savonrb/savon.git
  revision: 61e13c61b68e5d3fa80826c31d54d696ab77290d
  branch: version3
  specs:
    savon (3.0.0)
      builder (>= 3.0.0)
      httpclient (~> 2.3)
      logging (~> 1.8)
      nokogiri (>= 1.4.0)
      nori (~> 2.2.0)

GEM
  remote: https://rubygems.org/
  specs:
    builder (3.2.2)
    diff-lcs (1.2.5)
    docile (1.1.5)
    hashie (3.3.1)
    httpclient (2.4.0)
    little-plugger (1.1.3)
    logging (1.8.2)
      little-plugger (>= 1.1.3)
      multi_json (>= 1.8.4)
    mini_portile (0.6.0)
    multi_json (1.10.1)
    nokogiri (1.6.3.1)
      mini_portile (= 0.6.0)
    nori (2.2.0)
    rspec (3.1.0)
      rspec-core (~> 3.1.0)
      rspec-expectations (~> 3.1.0)
      rspec-mocks (~> 3.1.0)
    rspec-core (3.1.7)
      rspec-support (~> 3.1.0)
    rspec-expectations (3.1.2)
      diff-lcs (>= 1.2.0, < 2.0)
      rspec-support (~> 3.1.0)
    rspec-mocks (3.1.3)
      rspec-support (~> 3.1.0)
    rspec-support (3.1.2)
    simplecov (0.9.1)
      docile (~> 1.1.0)
      multi_json (~> 1.0)
      simplecov-html (~> 0.8.0)
    simplecov-html (0.8.0)
    uuidtools (2.1.5)
    yajl-ruby (1.2.1)

PLATFORMS
  ruby

DEPENDENCIES
  hashie
  rspec
  savon!
  simplecov
  uuidtools
  yajl-ruby
